GEM
  remote: https://rubygems.org/
  specs:
    psych (2.0.13)

PLATFORMS
  ruby

DEPENDENCIES
  psych (~> 2.0.13)
